GEM
  remote: https://rubygems.org/
  specs:
    activemodel (4.2.11.3)
      activesupport (= 4.2.11.3)
      builder (~> 3.1)
    activerecord (4.2.11.3)
      activemodel (= 4.2.11.3)
      activesupport (= 4.2.11.3)
      arel (~> 6.0)
    activesupport (4.2.11.3)
      i18n (~> 0.7)
      minitest (~> 5.1)
      thread_safe (~> 0.3, >= 0.3.4)
      tzinfo (~> 1.1)
    addressable (2.8.1)
      public_suffix (>= 2.0.2, < 6.0)
    arel (6.0.4)
    builder (3.2.4)
    concurrent-ruby (1.2.0)
    diff-lcs (1.1.3)
    git (1.13.1)
      addressable (~> 2.8)
      rchardet (~> 1.8)
    i18n (0.9.5)
      concurrent-ruby (~> 1.0)
    jeweler (1.6.4)
      bundler (~> 1.0)
      git (>= 1.2.5)
      rake
    minitest (5.15.0)
    pg (1.2.3)
    public_suffix (4.0.7)
    rake (13.0.6)
    rchardet (1.8.0)
    rspec (2.10.0)
      rspec-core (~> 2.10.0)
      rspec-expectations (~> 2.10.0)
      rspec-mocks (~> 2.10.0)
    rspec-core (2.10.1)
    rspec-expectations (2.10.0)
      diff-lcs (~> 1.1.3)
    rspec-mocks (2.10.1)
    sqlite3 (1.3.11)
    thread_safe (0.3.6)
    tzinfo (1.2.11)
      thread_safe (~> 0.1)
    yard (0.6.8)

PLATFORMS
  ruby

DEPENDENCIES
  activerecord (~> 4.2)
  bundler (>= 1.2.0)
  jeweler (~> 1.6.4)
  pg
  rake
  rspec (~> 2.10.0)
  sqlite3 (= 1.3.11)
  yard (~> 0.6.0)

BUNDLED WITH
   1.17.3
