GEM
  remote: https://rubygems.org/
  specs:
    activemodel (5.2.8.1)
      activesupport (= 5.2.8.1)
    activerecord (5.2.8.1)
      activemodel (= 5.2.8.1)
      activesupport (= 5.2.8.1)
      arel (>= 9.0)
    activesupport (5.2.8.1)
      concurrent-ruby (~> 1.0, >= 1.0.2)
      i18n (>= 0.7, < 2)
      minitest (~> 5.1)
      tzinfo (~> 1.1)
    addressable (2.8.1)
      public_suffix (>= 2.0.2, < 6.0)
    arel (9.0.0)
    concurrent-ruby (1.3.5)
    diff-lcs (1.1.3)
    git (1.13.1)
      addressable (~> 2.8)
      rchardet (~> 1.8)
    i18n (1.14.7)
      concurrent-ruby (~> 1.0)
    jeweler (1.6.4)
      bundler (~> 1.0)
      git (>= 1.2.5)
      rake
    minitest (5.15.0)
    pg (1.2.3)
    public_suffix (4.0.7)
    rake (13.0.6)
    rchardet (1.8.0)
    rspec (2.10.0)
      rspec-core (~> 2.10.0)
      rspec-expectations (~> 2.10.0)
      rspec-mocks (~> 2.10.0)
    rspec-core (2.10.1)
    rspec-expectations (2.10.0)
      diff-lcs (~> 1.1.3)
    rspec-mocks (2.10.1)
    sqlite3 (1.3.11)
    thread_safe (0.3.6)
    tzinfo (1.2.11)
      thread_safe (~> 0.1)
    yard (0.6.8)

PLATFORMS
  ruby

DEPENDENCIES
  activerecord (~> 5.2)
  bundler (>= 1.2.0)
  jeweler (~> 1.6.4)
  pg
  rake
  rspec (~> 2.10.0)
  sqlite3 (= 1.3.11)
  yard (~> 0.6.0)

BUNDLED WITH
   1.17.3
